Brain Vision Data Exchange Header File Version 1.0
[Common Infos]
DataFile=record-[2022.11.04-17.29.59].eeg
MarkerFile=record-[2022.11.04-17.29.59].vmrk
DataFormat=BINARY
DataOrientation=MULTIPLEXED
NumberOfChannels=27
SamplingInterval=2000
[Binary Infos]
BinaryFormat=IEEE_FLOAT_32
[Channel Infos]
Ch1=Channel 1,,1
Ch2=Channel 2,,1
Ch3=Channel 3,,1
Ch4=Channel 4,,1
Ch5=Channel 5,,1
Ch6=Channel 6,,1
Ch7=Channel 7,,1
Ch8=Channel 8,,1
Ch9=Channel 9,,1
Ch10=Channel 10,,1
Ch11=Channel 11,,1
Ch12=Channel 12,,1
Ch13=Channel 13,,1
Ch14=Channel 14,,1
Ch15=Channel 15,,1
Ch16=Channel 16,,1
Ch17=Channel 17,,1
Ch18=Channel 18,,1
Ch19=Channel 19,,1
Ch20=Channel 20,,1
Ch21=Channel 21,,1
Ch22=Channel 22,,1
Ch23=Channel 23,,1
Ch24=Channel 24,,1
Ch25=Gyro 1,,1
Ch26=Gyro 2,,1
Ch27=Gyro 3,,1
